GEM
  remote: https://rubygems.org/
  specs:
    awesome_print (1.8.0)
    colorize (0.8.1)
    diff-lcs (1.4.4)
    ffi (1.13.1)
    ffi-xattr (0.1.2)
      ffi
    mini_magick (4.10.1)
    moji (1.6)
    mojinizer (0.2.2)
      moji (~> 1.6)
    rspec (3.9.0)
      rspec-core (~> 3.9.0)
      rspec-expectations (~> 3.9.0)
      rspec-mocks (~> 3.9.0)
    rspec-core (3.9.2)
      rspec-support (~> 3.9.3)
    rspec-expectations (3.9.2)
      diff-lcs (>= 1.2.0, < 2.0)
      rspec-support (~> 3.9.0)
    rspec-mocks (3.9.1)
      diff-lcs (>= 1.2.0, < 2.0)
      rspec-support (~> 3.9.0)
    rspec-support (3.9.3)
    rtesseract (3.1.1)
    srt (0.1.4)

PLATFORMS
  ruby

DEPENDENCIES
  awesome_print
  colorize
  ffi-xattr
  mini_magick
  mojinizer
  rspec
  rtesseract
  srt

BUNDLED WITH
   2.1.4
